GEM
  remote: https://rubygems.org/
  specs:
    coderay (1.1.2)
    method_source (0.9.2)
    pry (0.12.2)
      coderay (~> 1.1.0)
      method_source (~> 0.9.0)
    require (0.2.7)
    require_all (2.0.0)
    require_relative (1.0.3)

PLATFORMS
  ruby

DEPENDENCIES
  pry
  require
  require_all
  require_relative

BUNDLED WITH
   2.0.1
